GEM
  remote: https://rubygems.org/
  specs:
    rack (1.6.5)
    rack-protection (1.5.3)
      rack
    sinatra (1.4.7)
      rack (~> 1.5)
      rack-protection (~> 1.4)
      tilt (>= 1.3, < 3)
    test-unit (2.0.0.0)
    tilt (2.0.5)

PLATFORMS
  ruby

DEPENDENCIES
  sinatra
  test-unit

BUNDLED WITH
   1.13.6
